GEM
  remote: https://rubygems.org/
  specs:

PLATFORMS
  ruby
  x86-mingw32

DEPENDENCIES

BUNDLED WITH
   1.13.3
